GEM
  remote: https://rubygems.org/
  specs:
    byebug (11.1.3)
    securerandom (0.2.2)
    sqlite3 (1.4.2)

PLATFORMS
  ruby

DEPENDENCIES
  byebug
  securerandom
  sqlite3

BUNDLED WITH
   2.1.4
